GEM
  remote: http://rubygems.org/
  specs:
    activesupport (3.2.13)
      i18n (= 0.6.1)
      multi_json (~> 1.0)
    addressable (2.3.4)
    i18n (0.6.1)
    json (1.8.0)
    metaclass (0.0.1)
    mini_portile (0.5.0)
    mocha (0.14.0)
      metaclass (~> 0.0.1)
    multi_json (1.7.7)
    nokogiri (1.6.0)
      mini_portile (~> 0.5.0)
    rake (12.3.3)
    rdoc (4.0.1)
      json (~> 1.4)
    shoulda (3.5.0)
      shoulda-context (~> 1.0, >= 1.0.1)
      shoulda-matchers (>= 1.4.1, < 3.0)
    shoulda-context (1.1.2)
    shoulda-matchers (2.2.0)
      activesupport (>= 3.0.0)

PLATFORMS
  ruby

DEPENDENCIES
  addressable (>= 2.2.2)
  bundler (>= 1.0.0)
  mocha
  nokogiri (>= 1.4.4)
  rake (> 10)
  rdoc (> 3)
  shoulda
